GEM
  remote: https://rubygems.org/
  specs:
    json (1.8.3)
    rake (10.4.2)
    rethinkdb (2.1.0.2)
      json

PLATFORMS
  ruby

DEPENDENCIES
  rake
  rethinkdb

BUNDLED WITH
   1.10.6
